PATH
  remote: .
  specs:
    dotblock-api (0.0.1)
      json (= 1.4.6)

GEM
  remote: http://rubygems.org/
  specs:
    json (1.4.6)
    shoulda (2.11.3)

PLATFORMS
  ruby

DEPENDENCIES
  dotblock-api!
  shoulda
